GEM
  remote: https://rubygems.org/
  specs:
    actionmailer (4.2.9)
      actionpack (= 4.2.9)
      actionview (= 4.2.9)
      activejob (= 4.2.9)
      mail (~> 2.5, >= 2.5.4)
      rails-dom-testing (~> 1.0, >= 1.0.5)
    actionpack (4.2.9)
      actionview (= 4.2.9)
      activesupport (= 4.2.9)
      rack (~> 1.6)
      rack-test (~> 0.6.2)
      rails-dom-testing (~> 1.0, >= 1.0.5)
      rails-html-sanitizer (~> 1.0, >= 1.0.2)
    actionview (4.2.9)
      activesupport (= 4.2.9)
      builder (~> 3.1)
      erubis (~> 2.7.0)
      rails-dom-testing (~> 1.0, >= 1.0.5)
      rails-html-sanitizer (~> 1.0, >= 1.0.3)
    activejob (4.2.9)
      activesupport (= 4.2.9)
      globalid (>= 0.3.0)
    activemodel (4.2.9)
      activesupport (= 4.2.9)
      builder (~> 3.1)
    activerecord (4.2.9)
      activemodel (= 4.2.9)
      activesupport (= 4.2.9)
      arel (~> 6.0)
    activesupport (4.2.9)
      i18n (~> 0.7)
      minitest (~> 5.1)
      thread_safe (~> 0.3, >= 0.3.4)
      tzinfo (~> 1.1)
    airbrussh (1.3.0)
      sshkit (>= 1.6.1, != 1.7.0)
    arel (6.0.4)
    best_in_place (3.1.1)
      actionpack (>= 3.2)
      railties (>= 3.2)
    builder (3.2.3)
    capistrano (3.10.0)
      airbrussh (>= 1.0.0)
      i18n
      rake (>= 10.0.0)
      sshkit (>= 1.9.0)
    capistrano-bundler (1.3.0)
      capistrano (~> 3.1)
      sshkit (~> 1.2)
    capistrano-passenger (0.2.0)
      capistrano (~> 3.0)
    capistrano-rails (1.3.0)
      capistrano (~> 3.1)
      capistrano-bundler (~> 1.1)
    coffee-rails (4.0.1)
      coffee-script (>= 2.2.0)
      railties (>= 4.0.0, < 5.0)
    coffee-script (2.4.1)
      coffee-script-source
      execjs
    coffee-script-source (1.12.2)
    concurrent-ruby (1.0.5)
    crass (1.0.2)
    erubis (2.7.0)
    execjs (2.7.0)
    globalid (0.4.1)
      activesupport (>= 4.2.0)
    hike (1.2.3)
    i18n (0.9.0)
      concurrent-ruby (~> 1.0)
    jbuilder (2.7.0)
      activesupport (>= 4.2.0)
      multi_json (>= 1.2)
    jquery-datetimepicker-rails (2.4.1.0)
    jquery-rails (4.3.1)
      rails-dom-testing (>= 1, < 3)
      railties (>= 4.2.0)
      thor (>= 0.14, < 2.0)
    json (1.8.6)
    libv8 (3.16.14.19)
    loofah (2.1.1)
      crass (~> 1.0.2)
      nokogiri (>= 1.5.9)
    mail (2.6.6)
      mime-types (>= 1.16, < 4)
    mime-types (3.1)
      mime-types-data (~> 3.2015)
    mime-types-data (3.2016.0521)
    mini_portile2 (2.3.0)
    minitest (5.10.3)
    multi_json (1.12.2)
    mysql2 (0.3.17)
    net-scp (1.2.1)
      net-ssh (>= 2.6.5)
    net-ssh (4.2.0)
    nokogiri (1.8.1)
      mini_portile2 (~> 2.3.0)
    protected_attributes (1.1.4)
      activemodel (>= 4.0.1, < 5.0)
    rack (1.6.8)
    rack-test (0.6.3)
      rack (>= 1.0)
    rails (4.2.9)
      actionmailer (= 4.2.9)
      actionpack (= 4.2.9)
      actionview (= 4.2.9)
      activejob (= 4.2.9)
      activemodel (= 4.2.9)
      activerecord (= 4.2.9)
      activesupport (= 4.2.9)
      bundler (>= 1.3.0, < 2.0)
      railties (= 4.2.9)
      sprockets-rails
    rails-deprecated_sanitizer (1.0.3)
      activesupport (>= 4.2.0.alpha)
    rails-dom-testing (1.0.8)
      activesupport (>= 4.2.0.beta, < 5.0)
      nokogiri (~> 1.6)
      rails-deprecated_sanitizer (>= 1.0.1)
    rails-html-sanitizer (1.0.3)
      loofah (~> 2.0)
    railties (4.2.9)
      actionpack (= 4.2.9)
      activesupport (= 4.2.9)
      rake (>= 0.8.7)
      thor (>= 0.18.1, < 2.0)
    rake (12.2.1)
    rdoc (4.3.0)
    ref (2.0.0)
    responders (2.4.0)
      actionpack (>= 4.2.0, < 5.3)
      railties (>= 4.2.0, < 5.3)
    rvm1-capistrano3 (1.4.0)
      capistrano (~> 3.0)
      sshkit (>= 1.2)
    sass (3.2.19)
    sass-rails (4.0.5)
      railties (>= 4.0.0, < 5.0)
      sass (~> 3.2.2)
      sprockets (~> 2.8, < 3.0)
      sprockets-rails (~> 2.0)
    sdoc (0.4.2)
      json (~> 1.7, >= 1.7.7)
      rdoc (~> 4.0)
    sprockets (2.12.4)
      hike (~> 1.2)
      multi_json (~> 1.0)
      rack (~> 1.0)
      tilt (~> 1.1, != 1.3.0)
    sprockets-rails (2.3.3)
      actionpack (>= 3.0)
      activesupport (>= 3.0)
      sprockets (>= 2.8, < 4.0)
    sshkit (1.14.0)
      net-scp (>= 1.1.2)
      net-ssh (>= 2.8.0)
    therubyracer (0.12.3)
      libv8 (~> 3.16.14.15)
      ref
    thor (0.20.0)
    thread_safe (0.3.6)
    tilt (1.4.1)
    tzinfo (1.2.4)
      thread_safe (~> 0.1)
    uglifier (3.2.0)
      execjs (>= 0.3.0, < 3)
    will_paginate (3.1.6)

PLATFORMS
  ruby

DEPENDENCIES
  best_in_place (~> 3.1)
  capistrano-bundler
  capistrano-passenger
  capistrano-rails
  coffee-rails (~> 4.0.0)
  jbuilder (~> 2.0)
  jquery-datetimepicker-rails
  jquery-rails
  mysql2 (= 0.3.17)
  protected_attributes (>= 1.0.8)
  rails (= 4.2.9)
  responders (~> 2.0)
  rvm1-capistrano3
  sass-rails (~> 4.0.3)
  sdoc (~> 0.4.0)
  therubyracer
  uglifier (>= 1.3.0)
  will_paginate

BUNDLED WITH
   1.15.4
